PATH
  remote: .
  specs:
    microcon (0.1)
      adts (~> 0.1.2)
      dry-container (~> 0.3.4)
      dry-monads (~> 0.0.2)
      oj (~> 2.17.1)
      rack (~> 2.0.1)
      transproc (~> 0.4.0)

GEM
  remote: https://rubygems.org/
  specs:
    adts (0.1.2)
    concurrent-ruby (1.0.2)
    dry-configurable (0.1.6)
      concurrent-ruby (~> 1.0)
    dry-container (0.3.4)
      concurrent-ruby (~> 1.0)
      dry-configurable (~> 0.1, >= 0.1.3)
    dry-monads (0.0.2)
    oj (2.17.1)
    rack (2.0.1)
    rake (11.2.2)
    transproc (0.4.0)

PLATFORMS
  ruby

DEPENDENCIES
  bundler (~> 1.7)
  microcon!
  rake (~> 11.0)

BUNDLED WITH
   1.12.3
