GIT
  remote: https://github.com/davidpelaez/microcon.git
  revision: 54ac66dcec4ebbcc754c8f01b60eda496471f81c
  specs:
    microcon (0.1)
      adts (~> 0.1.2)
      dry-container (~> 0.3.4)
      dry-monads (~> 0.0.2)
      oj (~> 2.17, >= 2.17.1)
      rack (~> 2.0, >= 2.0.1)
      transproc (~> 0.4.0)

GEM
  remote: https://rubygems.org/
  specs:
    adts (0.1.2)
    concurrent-ruby (1.0.2)
    dry-configurable (0.1.6)
      concurrent-ruby (~> 1.0)
    dry-container (0.3.4)
      concurrent-ruby (~> 1.0)
      dry-configurable (~> 0.1, >= 0.1.3)
    dry-monads (0.0.2)
    hanami-router (0.6.2)
      hanami-utils (~> 0.7)
      http_router (~> 0.11)
    hanami-utils (0.7.2)
    http_router (0.11.2)
      rack (>= 1.0.0)
      url_mount (~> 0.2.1)
    oj (2.17.1)
    rack (2.0.1)
    transproc (0.4.0)
    url_mount (0.2.1)
      rack

PLATFORMS
  ruby

DEPENDENCIES
  hanami-router (~> 0.6.2)
  microcon!

BUNDLED WITH
   1.12.3
